PATH
  remote: .
  specs:
    kishu (0.1.1)
      builder (~> 3.2, >= 3.2.2)
      dotenv (~> 2.1, >= 2.1.1)
      faraday (~> 0.15.3)
      thor (~> 0.19)

GEM
  remote: https://rubygems.org/
  specs:
    addressable (2.5.2)
      public_suffix (>= 2.0.2, < 4.0)
    builder (3.2.3)
    crack (0.4.3)
      safe_yaml (~> 1.0.0)
    diff-lcs (1.3)
    docile (1.1.5)
    dotenv (2.5.0)
    elasticsearch (6.1.0)
      elasticsearch-api (= 6.1.0)
      elasticsearch-transport (= 6.1.0)
    elasticsearch-api (6.1.0)
      multi_json
    elasticsearch-transport (6.1.0)
      faraday
      multi_json
    faraday (0.15.3)
      multipart-post (>= 1.2, < 3)
    hashdiff (0.3.7)
    json (2.1.0)
    multi_json (1.13.1)
    multipart-post (2.0.0)
    public_suffix (3.0.3)
    rack (2.0.5)
    rack-test (0.8.3)
      rack (>= 1.0, < 3)
    rake (10.5.0)
    rspec (3.8.0)
      rspec-core (~> 3.8.0)
      rspec-expectations (~> 3.8.0)
      rspec-mocks (~> 3.8.0)
    rspec-core (3.8.0)
      rspec-support (~> 3.8.0)
    rspec-expectations (3.8.2)
      diff-lcs (>= 1.2.0, < 2.0)
      rspec-support (~> 3.8.0)
    rspec-mocks (3.8.0)
      diff-lcs (>= 1.2.0, < 2.0)
      rspec-support (~> 3.8.0)
    rspec-support (3.8.0)
    safe_yaml (1.0.4)
    simplecov (0.14.1)
      docile (~> 1.1.0)
      json (>= 1.8, < 3)
      simplecov-html (~> 0.10.0)
    simplecov-html (0.10.2)
    thor (0.20.0)
    vcr (3.0.3)
    webmock (3.4.2)
      addressable (>= 2.3.6)
      crack (>= 0.3.2)
      hashdiff

PLATFORMS
  ruby

DEPENDENCIES
  bundler (~> 1.16)
  elasticsearch
  faraday (~> 0.15.3)
  kishu!
  rack-test (~> 0)
  rake (~> 10.0)
  rspec (~> 3.0)
  simplecov (~> 0.14.1)
  thor (~> 0.19)
  vcr (~> 3.0, >= 3.0.3)
  webmock (~> 3.0, >= 3.0.1)

BUNDLED WITH
   1.16.4
